STORAGE: NONE
RESTRICTION: == net5.0
NUGET
  remote: https://api.nuget.org/v3/index.json
    Fable.Core.Experimental (4.0.0-alpha-003)
      FSharp.Core (>= 4.7.2)
    Fable.Python (0.9)
      Fable.Core.Experimental (>= 4.0.0-alpha-002)
      FSharp.Core (>= 6.0)
    Feliz.ViewEngine (0.24)
      FSharp.Core (>= 4.7)
    FSharp.Core (6.0)
    Zanaptak.TypedCssClasses (1.0)
      FSharp.Core (>= 4.3.4)
