STORAGE: NONE
RESTRICTION: == net6.0
NUGET
  remote: https://api.nuget.org/v3/index.json
    Fable.Core.Experimental (4.0.0-alpha-015)
    Fable.Python (0.16)
      Fable.Core.Experimental (>= 4.0.0-alpha-006)
      FSharp.Core (>= 4.7.2)
    Feliz.ViewEngine (0.24)
      FSharp.Core (>= 4.7)
    FSharp.Core (6.0.1)
    Zanaptak.TypedCssClasses (1.0)
      FSharp.Core (>= 4.3.4)
